PATH
  remote: ../amalgalite
  specs:
    amalgalite (1.9.5)
      arrayfields (~> 4.9)
      ostruct (~> 0.6)

GEM
  remote: https://rubygems.org/
  specs:
    arrayfields (4.9.2)
    benchmark-ips (2.14.0)
    debug (1.9.2)
      irb (~> 1.10)
      reline (>= 0.3.8)
    extralite (2.8.2)
    io-console (0.7.2)
    irb (1.14.1)
      rdoc (>= 4.0.0)
      reline (>= 0.4.2)
    ostruct (0.6.1)
    psych (5.2.0)
      stringio
    rdoc (6.8.1)
      psych (>= 4.0.0)
    reline (0.5.11)
      io-console (~> 0.5)
    sqlite3 (2.3.0-arm64-darwin)
    stringio (3.1.2)

PLATFORMS
  arm64-darwin-22
  arm64-darwin-23

DEPENDENCIES
  amalgalite!
  benchmark-ips
  debug
  extralite
  sqlite3

BUNDLED WITH
   2.4.21
