PATH
  remote: ../amalgalite
  specs:
    amalgalite (2.0.0)
      csv (~> 3.0)

GEM
  remote: https://rubygems.org/
  specs:
    benchmark-ips (2.14.0)
    csv (3.3.2)
    date (3.4.1)
    debug (1.10.0)
      irb (~> 1.10)
      reline (>= 0.3.8)
    extralite (2.8.2)
    io-console (0.8.0)
    irb (1.15.1)
      pp (>= 0.6.0)
      rdoc (>= 4.0.0)
      reline (>= 0.4.2)
    optparse (0.6.0)
    pp (0.6.2)
      prettyprint
    prettyprint (0.2.0)
    profile-viewer (0.0.4)
      optparse
      webrick
    psych (5.2.3)
      date
      stringio
    rdoc (6.12.0)
      psych (>= 4.0.0)
    reline (0.6.0)
      io-console (~> 0.5)
    sqlite3 (2.5.0-arm64-darwin)
    stackprof (0.2.27)
    stringio (3.1.2)
    vernier (1.5.0)
    webrick (1.9.1)

PLATFORMS
  arm64-darwin-22
  arm64-darwin-23

DEPENDENCIES
  amalgalite!
  benchmark-ips
  debug
  extralite
  profile-viewer
  sqlite3
  stackprof
  vernier

BUNDLED WITH
   2.6.3
